GEM
  remote: https://rubygems.org/
  specs:
    coffee-script (2.2.0)
      coffee-script-source
      execjs
    coffee-script-source (1.6.3)
    execjs (2.0.2)
    haml (4.0.4)
      tilt
    rack (1.5.2)
    rake (10.1.0)
    redcarpet (3.0.0)
    sass (3.2.12)
    tilt (1.4.1)

PLATFORMS
  ruby

DEPENDENCIES
  coffee-script
  haml
  rack
  rake
  redcarpet
  sass
  tilt
